GEM
  remote: https://rubygems.org/
  specs:
    dotenv (2.7.0)

PLATFORMS
  ruby

DEPENDENCIES
  dotenv (= 2.7.0)

BUNDLED WITH
   2.1.4
