GEM
  remote: https://rubygems.org/
  specs:
    aws-eventstream (1.0.3)
    aws-sdk (2.10.0)
      aws-sdk-resources (= 2.10.0)
    aws-sdk-core (2.10.0)
      aws-sigv4 (~> 1.0)
      jmespath (~> 1.0)
    aws-sdk-resources (2.10.0)
      aws-sdk-core (= 2.10.0)
    aws-sigv4 (1.1.1)
      aws-eventstream (~> 1.0, >= 1.0.2)
    jmespath (1.4.0)

PLATFORMS
  ruby

DEPENDENCIES
  aws-sdk (= 2.10.0)

BUNDLED WITH
   2.1.4
