GEM
  remote: https://rubygems.org/
  specs:
    dotenv (2.7.4)

PLATFORMS
  ruby

DEPENDENCIES
  dotenv (= 2.7.4)

BUNDLED WITH
   2.1.4
